GEM
  remote: http://rubygems.org/
  specs:
    haml (3.1.2)
    kgio (2.7.2)
    rack (1.3.2)
    raindrops (0.8.0)
    shotgun (0.9)
      rack (>= 1.0)
    sinatra (1.2.6)
      rack (~> 1.1)
      tilt (>= 1.2.2, < 2.0)
    tilt (1.3.2)
    unicorn (4.2.0)
      kgio (~> 2.6)
      rack
      raindrops (~> 0.7)

PLATFORMS
  ruby

DEPENDENCIES
  haml
  shotgun
  sinatra
  unicorn
